GEM
  remote: https://rubygems.org/
  specs:
    colorize (1.1.0)
    rake (13.1.0)

PLATFORMS
  ruby

DEPENDENCIES
  colorize
  rake

BUNDLED WITH
   2.1.4
